GEM
  remote: https://rubygems.org/
  specs:
    ascii_charts (0.9.1)
    gnuplot (2.6.2)
    googlecharts (1.6.12)

PLATFORMS
  ruby

DEPENDENCIES
  ascii_charts
  gnuplot
  googlecharts
